GEM
  remote: https://rubygems.org/
  specs:
    RedCloth (4.2.9)
    fleakr (0.7.1)
      hpricot (>= 0.6.164)
      loggable (>= 0.2.0)
    hpricot (0.8.6)
    loggable (0.3.0)
    stringex (2.4.2)
    thor (0.18.1)

PLATFORMS
  ruby

DEPENDENCIES
  RedCloth
  fleakr
  stringex
  thor
