GEM
  remote: https://rubygems.org/
  specs:
    stringex (2.4.2)
    thor (0.18.1)

PLATFORMS
  ruby

DEPENDENCIES
  stringex
  thor
